GEM
  remote: https://rubygems.org/
  specs:
    byebug (11.1.3)
    cli-ui (1.5.1)
    coderay (1.1.3)
    method_source (1.0.0)
    pry (0.14.1)
      coderay (~> 1.1)
      method_source (~> 1.0)
    pry-byebug (3.10.1)
      byebug (~> 11.0)
      pry (>= 0.13, < 0.15)
    rainbow (3.1.1)
    require_all (3.0.0)
    thor (1.2.1)

PLATFORMS
  arm64-darwin-21
  x86_64-darwin-21

DEPENDENCIES
  cli-ui
  pry
  pry-byebug
  rainbow
  require_all
  thor

BUNDLED WITH
   2.3.14
